PATH
  remote: .
  specs:
    error_tracker (0.0.1)
      activesupport (>= 3.0)
      request_store (~> 1.0.3)

GEM
  remote: https://rubygems.org/
  specs:
    activesupport (3.2.17)
      i18n (~> 0.6, >= 0.6.4)
      multi_json (~> 1.0)
    diff-lcs (1.2.5)
    i18n (0.6.9)
    multi_json (1.8.4)
    rake (10.1.1)
    request_store (1.0.5)
    rspec (2.14.1)
      rspec-core (~> 2.14.0)
      rspec-expectations (~> 2.14.0)
      rspec-mocks (~> 2.14.0)
    rspec-core (2.14.7)
    rspec-expectations (2.14.3)
      diff-lcs (>= 1.1.3, < 2.0)
    rspec-mocks (2.14.4)

PLATFORMS
  ruby

DEPENDENCIES
  error_tracker!
  rake
  rspec
